GEM
  remote: https://rubygems.org/
  specs:
    builder (3.2.2)
    coderay (1.0.9)
    excon (0.23.0)
    facter (1.7.0)
    ffi (1.8.1)
    fog (1.12.1)
      builder
      excon (~> 0.23.0)
      formatador (~> 0.2.0)
      mime-types
      multi_json (~> 1.0)
      net-scp (~> 1.1)
      net-ssh (>= 2.1.3)
      nokogiri (~> 1.5.0)
      ruby-hmac
    formatador (0.2.4)
    growl (1.0.3)
    guard (1.8.0)
      formatador (>= 0.2.4)
      listen (>= 1.0.0)
      lumberjack (>= 1.0.2)
      pry (>= 0.9.10)
      thor (>= 0.14.6)
    guard-bundler (1.0.0)
      bundler (~> 1.0)
      guard (~> 1.1)
    guard-puppet-lint (0.2.0)
    hiera (1.2.1)
      json_pure
    json_pure (1.7.7)
    listen (1.0.3)
      rb-fsevent (>= 0.9.3)
      rb-inotify (>= 0.9)
      rb-kqueue (>= 0.2)
    lumberjack (1.0.3)
    method_source (0.8.1)
    mime-types (1.23)
    multi_json (1.7.7)
    net-scp (1.1.2)
      net-ssh (>= 2.6.5)
    net-ssh (2.6.8)
    nokogiri (1.5.10)
    pry (0.9.12.1)
      coderay (~> 1.0.5)
      method_source (~> 0.8)
      slop (~> 3.4)
    puppet (3.1.1)
      facter (~> 1.6)
      hiera (~> 1.0)
    puppet-lint (0.3.2)
    rake (10.0.4)
    rb-fsevent (0.9.3)
    rb-inotify (0.9.0)
      ffi (>= 0.5.0)
    rb-kqueue (0.2.0)
      ffi (>= 0.5.0)
    ruby-hmac (0.4.0)
    slop (3.4.4)
    thor (0.18.1)

PLATFORMS
  ruby

DEPENDENCIES
  fog
  growl
  guard
  guard-bundler
  guard-puppet-lint
  puppet
  puppet-lint
  rake
  rb-fsevent
