GEM
  remote: http://rubygems.org/
  specs:
    archive-tar-minitar (0.5.2)
    childprocess (0.3.5)
      ffi (~> 1.0, >= 1.0.6)
    erubis (2.7.0)
    facter (1.6.12)
    ffi (1.1.5)
    growl (1.0.3)
    guard (1.3.2)
      listen (>= 0.4.2)
      thor (>= 0.14.6)
    guard-puppet-lint (0.2.0)
    i18n (0.6.1)
    json (1.5.4)
    listen (0.5.0)
    log4r (1.1.10)
    net-scp (1.0.4)
      net-ssh (>= 1.99.1)
    net-ssh (2.2.2)
    puppet (2.7.19)
      facter (~> 1.5)
    puppet-lint (0.2.1)
    rake (0.9.2.2)
    thor (0.16.0)
    vagrant (1.0.4)
      archive-tar-minitar (= 0.5.2)
      childprocess (~> 0.3.1)
      erubis (~> 2.7.0)
      i18n (~> 0.6.0)
      json (~> 1.5.1)
      log4r (~> 1.1.9)
      net-scp (~> 1.0.4)
      net-ssh (~> 2.2.2)

PLATFORMS
  ruby

DEPENDENCIES
  growl
  guard
  guard-puppet-lint
  puppet
  puppet-lint
  rake
  vagrant
