GEM
  remote: http://rubygems.org/
  specs:
    archive-tar-minitar (0.5.2)
    childprocess (0.3.7)
      ffi (~> 1.0, >= 1.0.6)
    coderay (1.0.8)
    erubis (2.7.0)
    facter (1.6.17)
    ffi (1.3.1)
    growl (1.0.3)
    guard (1.6.2)
      listen (>= 0.6.0)
      lumberjack (>= 1.0.2)
      pry (>= 0.9.10)
      terminal-table (>= 1.4.3)
      thor (>= 0.14.6)
    guard-bundler (1.0.0)
      bundler (~> 1.0)
      guard (~> 1.1)
    guard-puppet-lint (0.2.0)
    hiera (1.0.0)
    i18n (0.6.1)
    json (1.5.4)
    listen (0.7.2)
    log4r (1.1.10)
    lumberjack (1.0.2)
    method_source (0.8.1)
    net-scp (1.0.4)
      net-ssh (>= 1.99.1)
    net-ssh (2.2.2)
    pry (0.9.11.4)
      coderay (~> 1.0.5)
      method_source (~> 0.8)
      slop (~> 3.4)
    puppet (3.0.2)
      facter (~> 1.6.11)
      hiera (~> 1.0.0)
    puppet-lint (0.3.2)
    rake (10.0.3)
    rb-fsevent (0.9.3)
    slop (3.4.3)
    terminal-table (1.4.5)
    thor (0.17.0)
    vagrant (1.0.6)
      archive-tar-minitar (= 0.5.2)
      childprocess (~> 0.3.1)
      erubis (~> 2.7.0)
      i18n (~> 0.6.0)
      json (~> 1.5.1)
      log4r (~> 1.1.9)
      net-scp (~> 1.0.4)
      net-ssh (~> 2.2.2)

PLATFORMS
  ruby

DEPENDENCIES
  growl
  guard
  guard-bundler
  guard-puppet-lint
  puppet
  puppet-lint
  rake
  rb-fsevent
  vagrant
